GEM
  remote: https://rubygems.org/
  specs:
    celerity (0.9.2)
    highline (2.0.0)

PLATFORMS
  ruby

DEPENDENCIES
  celerity (~> 0.9.2)
  highline (~> 2.0)

BUNDLED WITH
   1.16.6
